PATH
  remote: .
  specs:
    starling.gem (0.1.0)

GEM
  remote: http://rubygems.org/
  specs:
    fakeweb (1.3.0)
    vcr (2.1.1)

PLATFORMS
  ruby

DEPENDENCIES
  fakeweb
  starling.gem!
  vcr
